GEM
  remote: https://rubygems.org/
  specs:
    foundation (1.0.4)
      thor (>= 0.18.1)
    haml (4.0.6)
      tilt
    rack (1.6.0)
    rack-protection (1.5.3)
      rack
    rack-test (0.6.3)
      rack (>= 1.0)
    rake (10.4.2)
    shotgun (0.9)
      rack (>= 1.0)
    sinatra (1.4.5)
      rack (~> 1.4)
      rack-protection (~> 1.4)
      tilt (~> 1.3, >= 1.3.4)
    thor (0.19.1)
    tilt (1.4.1)
    trypaper (2.0.2)

PLATFORMS
  ruby

DEPENDENCIES
  foundation
  haml
  rack-test
  rake
  shotgun
  sinatra
  trypaper
