GEM
  remote: https://rubygems.org/
  specs:
    coderay (1.1.0)
    foundation (1.0.4)
      thor (>= 0.18.1)
    haml (4.0.5)
      tilt
    method_source (0.8.2)
    pry (0.9.12.3)
      coderay (~> 1.0)
      method_source (~> 0.8)
      slop (~> 3.4)
    rack (1.6.0)
    rack-protection (1.5.3)
      rack
    rack-test (0.6.2)
      rack (>= 1.0)
    rake (10.4.2)
    shotgun (0.9)
      rack (>= 1.0)
    sinatra (1.4.5)
      rack (~> 1.4)
      rack-protection (~> 1.4)
      tilt (~> 1.3, >= 1.3.4)
    slop (3.6.0)
    thor (0.19.1)
    tilt (1.4.1)
    trypaper (1.0.0)

PLATFORMS
  ruby

DEPENDENCIES
  bundler
  foundation
  haml
  pry
  rack-test
  rake
  shotgun
  sinatra
  trypaper (= 1.0.0)
